GEM
  remote: http://rubygems.org/
  specs:
    coffee-script (2.2.0)
      coffee-script-source
      execjs
    coffee-script-source (1.1.1)
    execjs (1.2.1)
      multi_json (~> 1.0)
    json (1.5.3)
    multi_json (1.0.3)
    rake (0.9.2)
    sass (3.1.5)

PLATFORMS
  ruby

DEPENDENCIES
  coffee-script (~> 2.2.0)
  json (~> 1.5.3)
  rake (~> 0.9.2)
  sass (~> 3.1.5)
