GEM
  remote: http://rubygems.org/
  specs:
    coffee-script (2.2.0)
      coffee-script-source
      execjs
    coffee-script-source (1.1.1)
    execjs (1.2.1)
      multi_json (~> 1.0)
    ffi (1.0.9)
    guard (0.5.1)
      thor (~> 0.14.6)
    guard-shell (0.1.1)
      guard (>= 0.2.0)
    json (1.5.3)
    libnotify (0.5.7)
    multi_json (1.0.3)
    rake (0.9.2)
    rb-inotify (0.8.6)
      ffi (>= 0.5.0)
    sass (3.1.5)
    thor (0.14.6)

PLATFORMS
  ruby

DEPENDENCIES
  coffee-script (~> 2.2.0)
  guard
  guard-shell
  json (~> 1.5.3)
  libnotify
  rake (~> 0.9.2)
  rb-inotify
  sass (~> 3.1.5)
